PATH
  remote: .
  specs:
    foreigner-sqlserver (0.0.2)
      activerecord-sqlserver-adapter (> 0)
      foreigner (> 0)

GEM
  remote: https://rubygems.org/
  specs:
    activemodel (3.2.11)
      activesupport (= 3.2.11)
      builder (~> 3.0.0)
    activerecord (3.2.11)
      activemodel (= 3.2.11)
      activesupport (= 3.2.11)
      arel (~> 3.0.2)
      tzinfo (~> 0.3.29)
    activerecord-sqlserver-adapter (3.2.10)
      activerecord (~> 3.2.0)
    activesupport (3.2.11)
      i18n (~> 0.6)
      multi_json (~> 1.0)
    arel (3.0.2)
    builder (3.0.4)
    foreigner (1.6.1)
      activerecord (>= 3.0.0)
    i18n (0.6.9)
    multi_json (1.10.0)
    rake (10.0.3)
    tzinfo (0.3.39)

PLATFORMS
  ruby

DEPENDENCIES
  foreigner-sqlserver!
  rake
